PATH
  remote: .
  specs:
    redhillonrails_core (1.1.3)
      activerecord (>= 2)

GEM
  remote: http://rubygems.org/
  specs:
    activemodel (3.0.4)
      activesupport (= 3.0.4)
      builder (~> 2.1.2)
      i18n (~> 0.4)
    activerecord (3.0.4)
      activemodel (= 3.0.4)
      activesupport (= 3.0.4)
      arel (~> 2.0.2)
      tzinfo (~> 0.3.23)
    activesupport (3.0.4)
    arel (2.0.9)
    builder (2.1.2)
    diff-lcs (1.1.2)
    i18n (0.5.0)
    mysql (2.8.1)
    mysql2 (0.2.7)
    pg (0.10.1)
    rake (0.8.7)
    rspec (2.4.0)
      rspec-core (~> 2.4.0)
      rspec-expectations (~> 2.4.0)
      rspec-mocks (~> 2.4.0)
    rspec-core (2.4.0)
    rspec-expectations (2.4.0)
      diff-lcs (~> 1.1.2)
    rspec-mocks (2.4.0)
    sqlite3 (1.3.3)
    sqlite3-ruby (1.3.3)
      sqlite3 (>= 1.3.3)
    tzinfo (0.3.24)

PLATFORMS
  ruby

DEPENDENCIES
  mysql
  mysql2 (~> 0.2.7)
  pg
  rake
  redhillonrails_core!
  rspec (~> 2.4.0)
  sqlite3-ruby (~> 1.3.1)
